GEM
  remote: https://rubygems.org/
  specs:
    bio (1.5.0)
    bio-samtools (2.4.0)
      bio (>= 1.4.2)
      bio-svgenes (>= 0.4.1)
      open_uri_redirections
    bio-svgenes (0.4.1)
    biomart (0.2.3)
      builder (>= 3.0)
    builder (3.2.2)
    gruff (0.7.0)
      rmagick (~> 2.13, >= 2.13.4)
    nyaplot (0.1.6)
    open_uri_redirections (0.2.1)
    rmagick (2.15.4)
    trollop (2.1.2)

PLATFORMS
  ruby

DEPENDENCIES
  bio-samtools!
  biomart!
  gruff!
  nyaplot!
  trollop!

BUNDLED WITH
   1.12.5
